GEM
  remote: https://gems.ruby-china.org/
  specs:
    bson (4.2.1)
    divergent (0.4.0)
    dotenv (2.2.0)
    http-parser-lite (0.6.0)
    json (2.0.3)
    little-plugger (1.1.4)
    logging (2.1.0)
      little-plugger (~> 1.1)
      multi_json (~> 1.10)
    mongo (2.4.1)
      bson (>= 4.2.1, < 5.0.0)
    multi_json (1.12.1)

PLATFORMS
  ruby

DEPENDENCIES
  divergent
  dotenv
  http-parser-lite
  json
  logging
  mongo

BUNDLED WITH
   1.14.5
